GIT
  remote: git://github.com/mongoid/mongoid.git
  revision: 030442edebe25ec19c66f37f51b46db22ae25850
  specs:
    mongoid (4.0.0.beta1)
      activemodel (>= 4.0.0)
      moped (~> 2.0.beta6)
      origin (~> 2.1)
      tzinfo (>= 0.3.37)

GEM
  remote: https://rubygems.org/
  specs:
    activemodel (4.1.0)
      activesupport (= 4.1.0)
      builder (~> 3.1)
    activesupport (4.1.0)
      i18n (~> 0.6, >= 0.6.9)
      json (~> 1.7, >= 1.7.7)
      minitest (~> 5.1)
      thread_safe (~> 0.1)
      tzinfo (~> 1.1)
    backports (3.6.0)
    bson (2.2.2)
    bson_ext (1.5.1)
    builder (3.2.2)
    coffee-script (2.2.0)
      coffee-script-source
      execjs
    coffee-script-source (1.7.0)
    connection_pool (2.0.0)
    diff-lcs (1.2.5)
    ethon (0.7.0)
      ffi (>= 1.3.0)
    execjs (2.0.2)
    ffi (1.9.3)
    httparty (0.13.1)
      json (~> 1.8)
      multi_xml (>= 0.5.2)
    i18n (0.6.9)
    json (1.8.1)
    mime-types (2.2)
    mini_portile (0.5.3)
    minitest (5.3.3)
    mongo (1.3.1)
      bson (>= 1.3.1)
    mongoid-grid_fs (2.1.0)
      mime-types (>= 1.0, < 3.0)
      mongoid (>= 3.0, < 5.0)
    moped (2.0.0.rc1)
      bson (~> 2.2)
      connection_pool (~> 2.0)
      optionable (~> 0.2.0)
    multi_json (1.9.2)
    multi_xml (0.5.5)
    nokogiri (1.6.1)
      mini_portile (~> 0.5.0)
    optionable (0.2.0)
    origin (2.1.1)
    rack (1.5.2)
    rack-protection (1.5.3)
      rack
    rack-test (0.6.2)
      rack (>= 1.0)
    rspec (2.14.1)
      rspec-core (~> 2.14.0)
      rspec-expectations (~> 2.14.0)
      rspec-mocks (~> 2.14.0)
    rspec-core (2.14.8)
    rspec-expectations (2.14.5)
      diff-lcs (>= 1.1.3, < 2.0)
    rspec-mocks (2.14.6)
    sass (3.3.5)
    shotgun (0.9)
      rack (>= 1.0)
    sinatra (1.4.5)
      rack (~> 1.4)
      rack-protection (~> 1.4)
      tilt (~> 1.3, >= 1.3.4)
    sinatra-contrib (1.4.2)
      backports (>= 2.0)
      multi_json
      rack-protection
      rack-test
      sinatra (~> 1.4.0)
      tilt (~> 1.3)
    thread_safe (0.3.3)
    tilt (1.4.1)
    typhoeus (0.6.8)
      ethon (>= 0.7.0)
    tzinfo (1.1.0)
      thread_safe (~> 0.1)
    unicode_utils (1.4.0)

PLATFORMS
  ruby

DEPENDENCIES
  bson
  bson_ext
  coffee-script
  httparty
  mongo
  mongoid!
  mongoid-grid_fs
  nokogiri
  rack
  rspec
  sass
  shotgun
  sinatra
  sinatra-contrib
  typhoeus
  unicode_utils
